GEM
  remote: https://rubygems.org/
  specs:
    dotenv (2.7.1)
    pg (1.1.4)

PLATFORMS
  ruby

DEPENDENCIES
  dotenv
  pg

BUNDLED WITH
   1.16.6
